GEM
  remote: https://rubygems.org/
  specs:
    addressable (2.8.0)
      public_suffix (>= 2.0.2, < 5.0)
    cgi (0.3.0)
    date (3.2.0)
    domain_name (0.5.20190701)
      unf (>= 0.0.5, < 1.0.0)
    drb (2.1.0)
      ruby2_keywords
    http-accept (1.7.0)
    http-cookie (1.0.4)
      domain_name (~> 0.5)
    json (2.6.1)
    logger (1.4.4)
    mime-types (3.3.1)
      mime-types-data (~> 3.2015)
    mime-types-data (3.2021.0901)
    netrc (0.11.0)
    nokogiri (1.12.5-x86_64-linux)
      racc (~> 1.4)
    public_suffix (4.0.6)
    racc (1.6.0)
    rest-client (2.1.0)
      http-accept (>= 1.7.0, < 2.0)
      http-cookie (>= 1.0.2, < 2.0)
      mime-types (>= 1.16, < 4.0)
      netrc (~> 0.8)
    ruby2_keywords (0.0.5)
    timeout (0.2.0)
    unf (0.1.4)
      unf_ext
    unf_ext (0.0.8)
    unirest (1.0.8)
      addressable
      json
      rest-client
    uri (0.11.0)
    warning (1.2.1)

PLATFORMS
  x86_64-linux

DEPENDENCIES
  cgi
  date
  drb
  json
  logger
  nokogiri
  timeout
  unirest
  uri
  warning

BUNDLED WITH
   2.2.5
